GEM
  remote: https://rubygems.org/
  specs:
    byebug (9.1.0)
    childprocess (3.0.0)
    diff-lcs (1.4.4)
    httparty (0.13.7)
      json (~> 1.8)
      multi_xml (>= 0.5.2)
    json (1.8.6)
    multi_xml (0.6.0)
    nokogiri (1.12.4-x86_64-darwin)
      racc (~> 1.4)
    open-uri (0.1.0)
    racc (1.5.2)
    regexp_parser (2.1.1)
    rspec (3.10.0)
      rspec-core (~> 3.10.0)
      rspec-expectations (~> 3.10.0)
      rspec-mocks (~> 3.10.0)
    rspec-core (3.10.1)
      rspec-support (~> 3.10.0)
    rspec-expectations (3.10.1)
      diff-lcs (>= 1.2.0, < 2.0)
      rspec-support (~> 3.10.0)
    rspec-mocks (3.10.2)
      diff-lcs (>= 1.2.0, < 2.0)
      rspec-support (~> 3.10.0)
    rspec-support (3.10.2)
    rubyzip (2.3.2)
    selenium-webdriver (3.142.7)
      childprocess (>= 0.5, < 4.0)
      rubyzip (>= 1.2.2)
    watir (6.19.1)
      regexp_parser (>= 1.2, < 3)
      selenium-webdriver (>= 3.142.7)
    webdrivers (4.6.1)
      nokogiri (~> 1.6)
      rubyzip (>= 1.3.0)
      selenium-webdriver (>= 3.0, < 4.0)

PLATFORMS
  x86_64-darwin-20

DEPENDENCIES
  byebug (~> 9.0, >= 9.0.6)
  httparty (~> 0.13.7)
  nokogiri (~> 1.11, >= 1.11.7)
  open-uri (~> 0.1.0)
  rspec (~> 3.10)
  watir (~> 6.19, >= 6.19.1)
  webdrivers (~> 4.6)

BUNDLED WITH
   2.2.28
